PATH
  remote: .
  specs:
    peatio_client (0.0.8)

GEM
  remote: https://rubygems.org/
  specs:
    minitest (5.5.1)
    rake (10.3.1)

PLATFORMS
  ruby

DEPENDENCIES
  minitest (~> 5.5.1)
  peatio_client!
  rake

BUNDLED WITH
   1.16.1
